PATH
  remote: .
  specs:
    dm-postgis (1.2.4)
      GeoRuby (= 1.3.4)
      dm-core (~> 1.1.0)
      dm-postgres-adapter (~> 1.1.0)
      rake

GEM
  remote: http://rubygems.org/
  specs:
    GeoRuby (1.3.4)
    addressable (2.2.6)
    data_objects (0.10.6)
      addressable (~> 2.1)
    diff-lcs (1.1.3)
    dm-core (1.1.0)
      addressable (~> 2.2.4)
    dm-do-adapter (1.1.0)
      data_objects (~> 0.10.2)
      dm-core (~> 1.1.0)
    dm-migrations (1.1.0)
      dm-core (~> 1.1.0)
    dm-postgres-adapter (1.1.0)
      dm-do-adapter (~> 1.1.0)
      do_postgres (~> 0.10.2)
    do_postgres (0.10.6)
      data_objects (= 0.10.6)
    rake (0.9.2)
    rspec (2.6.0)
      rspec-core (~> 2.6.0)
      rspec-expectations (~> 2.6.0)
      rspec-mocks (~> 2.6.0)
    rspec-core (2.6.4)
    rspec-expectations (2.6.0)
      diff-lcs (~> 1.1.2)
    rspec-mocks (2.6.0)

PLATFORMS
  ruby

DEPENDENCIES
  dm-migrations (~> 1.1.0)
  dm-postgis!
  rspec (~> 2.6.0)
